GIT
  remote: https://github.com/codhab/codhab_billing.git
  revision: 9972e1559392620cdbe3fa9abe71b83c996fea97
  specs:
    codhab_billing (0.1.0)

GIT
  remote: https://github.com/codhab/pundit.git
  revision: 600b9af1ef10ce846feee878ba47c49c667ba9d5
  branch: master
  specs:
    pundit (0.2.3)
      activesupport (>= 3.0.0)

PATH
  remote: engines/address
  specs:
    address (0.0.1)
      rails (~> 4.2.1)

PATH
  remote: engines/attendance
  specs:
    attendance (0.0.1)
      haml-rails
      rails (~> 4.2.1)

PATH
  remote: engines/candidate
  specs:
    candidate (0.0.1)
      rails (~> 4.2.1)

PATH
  remote: engines/cms
  specs:
    cms (0.0.1)
      haml-rails
      rails (~> 4.2.1)

PATH
  remote: engines/concourse
  specs:
    concourse (0.0.1)
      carrierwave
      friendly_id
      haml-rails
      rails (~> 4.2.1)
      simple_form

PATH
  remote: engines/concourse_portal
  specs:
    concourse_portal (0.0.1)
      rails (~> 4.2.1)

PATH
  remote: engines/dashboard
  specs:
    dashboard (0.0.1)
      rails (~> 4.2.1)

PATH
  remote: engines/finance
  specs:
    finance (0.0.1)
      barby
      carrierwave
      chunky_png
      haml-rails
      rails (~> 4.2.1)
      rqrcode
      simple_form

PATH
  remote: engines/helpdesk
  specs:
    helpdesk (0.0.1)
      haml-rails
      rails (~> 4.2.1)

PATH
  remote: engines/intranet
  specs:
    intranet (0.0.1)
      rails (~> 4.2.1)

PATH
  remote: engines/juridical
  specs:
    juridical (0.0.1)
      haml-rails
      rails (~> 4.2.1)

PATH
  remote: engines/notify
  specs:
    notify (0.0.1)
      rails (~> 4.2.1)

PATH
  remote: engines/patrimony
  specs:
    patrimony (0.0.1)
      haml-rails
      rails (~> 4.2.1)

PATH
  remote: engines/person
  specs:
    person (0.0.1)
      rails (~> 4.2.1)

PATH
  remote: engines/portal
  specs:
    portal (0.0.1)
      rails (~> 4.2.1)

PATH
  remote: engines/protocol
  specs:
    protocol (0.0.1)
      rails (~> 4.2.1)

PATH
  remote: engines/regularization
  specs:
    regularization (0.0.1)
      rails (~> 4.2.1)

PATH
  remote: engines/regularization_schedule
  specs:
    regularization_schedule (0.0.1)
      carrierwave
      friendly_id
      haml-rails
      rails (~> 4.2.1)
      simple_form

PATH
  remote: engines/regularization_treatment
  specs:
    regularization_treatment (0.0.1)
      rails (~> 4.2.1)

GEM
  remote: https://rubygems.org/
  specs:
    actionmailer (4.2.1)
      actionpack (= 4.2.1)
      actionview (= 4.2.1)
      activejob (= 4.2.1)
      mail (~> 2.5, >= 2.5.4)
      rails-dom-testing (~> 1.0, >= 1.0.5)
    actionpack (4.2.1)
      actionview (= 4.2.1)
      activesupport (= 4.2.1)
      rack (~> 1.6)
      rack-test (~> 0.6.2)
      rails-dom-testing (~> 1.0, >= 1.0.5)
      rails-html-sanitizer (~> 1.0, >= 1.0.1)
    actionview (4.2.1)
      activesupport (= 4.2.1)
      builder (~> 3.1)
      erubis (~> 2.7.0)
      rails-dom-testing (~> 1.0, >= 1.0.5)
      rails-html-sanitizer (~> 1.0, >= 1.0.1)
    activejob (4.2.1)
      activesupport (= 4.2.1)
      globalid (>= 0.3.0)
    activemodel (4.2.1)
      activesupport (= 4.2.1)
      builder (~> 3.1)
    activerecord (4.2.1)
      activemodel (= 4.2.1)
      activesupport (= 4.2.1)
      arel (~> 6.0)
    activesupport (4.2.1)
      i18n (~> 0.7)
      json (~> 1.7, >= 1.7.7)
      minitest (~> 5.1)
      thread_safe (~> 0.3, >= 0.3.4)
      tzinfo (~> 1.1)
    arel (6.0.0)
    barby (0.6.2)
    bcrypt (3.1.10)
    bootstrap-datepicker-rails (1.4.0)
      railties (>= 3.0)
    builder (3.2.2)
    byebug (5.0.0)
      columnize (= 0.9.0)
    carrierwave (0.10.0)
      activemodel (>= 3.2.0)
      activesupport (>= 3.2.0)
      json (>= 1.7)
      mime-types (>= 1.16)
    chunky_png (1.3.4)
    coffee-rails (4.1.0)
      coffee-script (>= 2.2.0)
      railties (>= 4.0.0, < 5.0)
    coffee-script (2.4.1)
      coffee-script-source
      execjs
    coffee-script-source (1.9.1.1)
    columnize (0.9.0)
    daemons (1.2.2)
    devise (3.5.1)
      bcrypt (~> 3.0)
      orm_adapter (~> 0.1)
      railties (>= 3.2.6, < 5)
      responders
      thread_safe (~> 0.1)
      warden (~> 1.2.3)
    devise_security_extension (0.9.2)
      devise (>= 2.0.0)
      rails (>= 3.1.1)
    email_validator (1.6.0)
      activemodel
    enum_help (0.0.14)
    erubis (2.7.0)
    eventmachine (1.0.7)
    execjs (2.5.2)
    figaro (1.1.1)
      thor (~> 0.14)
    friendly_id (5.1.0)
      activerecord (>= 4.0.0)
    globalid (0.3.5)
      activesupport (>= 4.1.0)
    haml (4.0.6)
      tilt
    haml-rails (0.9.0)
      actionpack (>= 4.0.1)
      activesupport (>= 4.0.1)
      haml (>= 4.0.6, < 5.0)
      html2haml (>= 1.0.1)
      railties (>= 4.0.1)
    html2haml (2.0.0)
      erubis (~> 2.7.0)
      haml (~> 4.0.0)
      nokogiri (~> 1.6.0)
      ruby_parser (~> 3.5)
    i18n (0.7.0)
    jquery-datatables-rails (3.3.0)
      actionpack (>= 3.1)
      jquery-rails
      railties (>= 3.1)
      sass-rails
    jquery-rails (4.0.3)
      rails-dom-testing (~> 1.0)
      railties (>= 4.2.0)
      thor (>= 0.14, < 2.0)
    json (1.8.3)
    kgio (2.9.3)
    loofah (2.0.2)
      nokogiri (>= 1.5.9)
    mail (2.6.3)
      mime-types (>= 1.16, < 3)
    mime-types (2.6.1)
    mini_magick (4.2.4)
    mini_portile (0.6.2)
    minitest (5.7.0)
    nokogiri (1.6.6.2)
      mini_portile (~> 0.6.0)
    orm_adapter (0.5.0)
    pg (0.18.2)
    rack (1.6.1)
    rack-test (0.6.3)
      rack (>= 1.0)
    rails (4.2.1)
      actionmailer (= 4.2.1)
      actionpack (= 4.2.1)
      actionview (= 4.2.1)
      activejob (= 4.2.1)
      activemodel (= 4.2.1)
      activerecord (= 4.2.1)
      activesupport (= 4.2.1)
      bundler (>= 1.3.0, < 2.0)
      railties (= 4.2.1)
      sprockets-rails
    rails-deprecated_sanitizer (1.0.3)
      activesupport (>= 4.2.0.alpha)
    rails-dom-testing (1.0.6)
      activesupport (>= 4.2.0.beta, < 5.0)
      nokogiri (~> 1.6.0)
      rails-deprecated_sanitizer (>= 1.0.1)
    rails-html-sanitizer (1.0.2)
      loofah (~> 2.0)
    railties (4.2.1)
      actionpack (= 4.2.1)
      activesupport (= 4.2.1)
      rake (>= 0.8.7)
      thor (>= 0.18.1, < 2.0)
    raindrops (0.14.0)
    rake (10.4.2)
    redactor-rails (0.5.0)
      devise
      mime-types
      orm_adapter
    remotipart (1.2.1)
    responders (2.1.0)
      railties (>= 4.2.0, < 5)
    rqrcode (0.6.0)
      chunky_png
    ruby_parser (3.6.6)
      sexp_processor (~> 4.1)
    sass (3.4.16)
    sass-rails (5.0.3)
      railties (>= 4.0.0, < 5.0)
      sass (~> 3.1)
      sprockets (>= 2.8, < 4.0)
      sprockets-rails (>= 2.0, < 4.0)
      tilt (~> 1.1)
    sexp_processor (4.5.1)
    simple_form (3.1.0)
      actionpack (~> 4.0)
      activemodel (~> 4.0)
    sprockets (3.2.0)
      rack (~> 1.0)
    sprockets-rails (2.3.1)
      actionpack (>= 3.0)
      activesupport (>= 3.0)
      sprockets (>= 2.8, < 4.0)
    sqlite3 (1.3.10)
    thin (1.6.3)
      daemons (~> 1.0, >= 1.0.9)
      eventmachine (~> 1.0)
      rack (~> 1.0)
    thor (0.19.1)
    thread_safe (0.3.5)
    tilt (1.4.1)
    timeliness (0.3.7)
    turbolinks (2.5.3)
      coffee-rails
    tzinfo (1.2.2)
      thread_safe (~> 0.1)
    uglifier (2.7.1)
      execjs (>= 0.3.0)
      json (>= 1.8.0)
    unicorn (4.9.0)
      kgio (~> 2.6)
      rack
      raindrops (~> 0.7)
    validates_cpf_cnpj (0.2.0)
      activemodel (>= 3.0.0)
    validates_timeliness (3.0.14)
      timeliness (~> 0.3.6)
    warden (1.2.3)
      rack (>= 1.0)
    wicked_pdf (0.11.0)
      rails
    wkhtmltopdf-binary (0.9.9.3)

PLATFORMS
  ruby

DEPENDENCIES
  address!
  attendance!
  bootstrap-datepicker-rails
  byebug
  candidate!
  carrierwave
  cms!
  codhab_billing!
  concourse!
  concourse_portal!
  dashboard!
  devise
  devise_security_extension
  email_validator
  enum_help
  figaro
  finance!
  friendly_id
  haml-rails
  helpdesk!
  intranet!
  jquery-datatables-rails (~> 3.3.0)
  jquery-rails
  juridical!
  mini_magick
  notify!
  patrimony!
  person!
  pg
  portal!
  protocol!
  pundit!
  rails (= 4.2.1)
  redactor-rails
  regularization!
  regularization_schedule!
  regularization_treatment!
  remotipart (~> 1.2)
  simple_form
  sqlite3
  thin
  turbolinks
  uglifier (>= 1.3.0)
  unicorn
  validates_cpf_cnpj
  validates_timeliness
  wicked_pdf
  wkhtmltopdf-binary
